PATH
  remote: .
  specs:
    arthropod (0.0.1)

GEM
  remote: https://rubygems.org/
  specs:

PLATFORMS
  ruby

DEPENDENCIES
  arthropod!

BUNDLED WITH
   2.0.2
